GEM
  remote: http://rubygems.org/
  specs:
    activerecord (2.3.8)
      activesupport (= 2.3.8)
    activesupport (2.3.8)
    require_all (1.1.0)
    ruby-pixels (0.0.1)
    serialport (1.0.3)

PLATFORMS
  ruby

DEPENDENCIES
  activerecord (= 2.3.8)
  require_all (= 1.1.0)
  ruby-pixels (= 0.0.1)
  serialport (= 1.0.3)
